GEM
  remote: https://rubygems.org/
  specs:
    conekta (0.5.6)
      bundler (~> 1.3)
      faraday
      json
      rake
      sys-uname
    faraday (0.9.2)
      multipart-post (>= 1.2, < 3)
    ffi (1.9.10)
    json (1.8.3)
    multipart-post (2.0.0)
    rake (10.4.2)
    sys-uname (1.0.2)
      ffi (>= 1.0.0)

PLATFORMS
  ruby

DEPENDENCIES
  conekta

BUNDLED WITH
   1.10.6
